GEM
  remote: https://rubygems.org/
  specs:
    ruby_gntp (0.3.4)
    thor (0.18.1)

PLATFORMS
  ruby

DEPENDENCIES
  ruby_gntp
  thor
