PATH
  remote: .
  specs:
    safit (0.0.1)
      configliere
      ruby_gntp
      thor

GEM
  remote: https://rubygems.org/
  specs:
    configliere (0.4.18)
      highline (>= 1.5.2)
      multi_json (>= 1.1)
    highline (1.6.20)
    multi_json (1.8.2)
    rake (10.0.3)
    ruby_gntp (0.3.4)
    thor (0.18.1)

PLATFORMS
  ruby

DEPENDENCIES
  bundler (~> 1.3)
  rake
  safit!
